GEM
  specs:
    crxmake (2.0.3)
      zipruby (>= 0.3.2)
    rake (0.9.2)
    zipruby (0.3.6)

PLATFORMS
  ruby

DEPENDENCIES
  crxmake
  rake
